GEM
  remote: https://rubygems.org/
  specs:
    ffi (1.11.3-x64-mingw32)
    rb-fsevent (0.10.3)
    rb-inotify (0.10.1)
      ffi (~> 1.0)
    sass (3.7.4)
      sass-listen (~> 4.0.0)
    sass-listen (4.0.0)
      rb-fsevent (~> 0.9, >= 0.9.4)
      rb-inotify (~> 0.9, >= 0.9.7)

PLATFORMS
  x64-mingw32

DEPENDENCIES
  sass

RUBY VERSION
   ruby 2.6.5p114

BUNDLED WITH
   2.1.2
